PATH
  remote: .
  specs:
    instapaper-api (0.0.1)
      addressable (~> 2.2.6)
      simple_oauth (~> 0.1.5)
      typhoeus (~> 0.2.4)

GEM
  remote: http://rubygems.org/
  specs:
    addressable (2.2.6)
    diff-lcs (1.1.2)
    growl (1.0.3)
    guard (0.5.1)
      thor (~> 0.14.6)
    guard-rspec (0.4.0)
      guard (>= 0.4.0)
    mime-types (1.16)
    rb-fsevent (0.4.1)
    rspec (2.6.0)
      rspec-core (~> 2.6.0)
      rspec-expectations (~> 2.6.0)
      rspec-mocks (~> 2.6.0)
    rspec-core (2.6.4)
    rspec-expectations (2.6.0)
      diff-lcs (~> 1.1.2)
    rspec-mocks (2.6.0)
    simple_oauth (0.1.5)
    thor (0.14.6)
    typhoeus (0.2.4)
      mime-types
      mime-types

PLATFORMS
  ruby

DEPENDENCIES
  growl (~> 1.0.3)
  guard (~> 0.5.1)
  guard-rspec (~> 0.4.0)
  instapaper-api!
  rb-fsevent (~> 0.4.1)
  rspec (~> 2.6.0)
